GEM
  remote: https://rubygems.org/
  specs:
    coderay (1.1.0)
    congress (0.3.0)
      faraday (~> 0.9.0)
      faraday_middleware (~> 0.10.0)
      geocoder (~> 1.2)
      hashie (~> 3.0)
    faraday (0.9.2)
      multipart-post (>= 1.2, < 3)
    faraday_middleware (0.10.1)
      faraday (>= 0.7.4, < 1.0)
    geocoder (1.4.4)
    hashie (3.5.5)
    json (2.1.0)
    method_source (0.8.2)
    multipart-post (2.0.0)
    pry (0.10.1)
      coderay (~> 1.1.0)
      method_source (~> 0.8.1)
      slop (~> 3.4)
    rack (1.5.2)
    rack-protection (1.5.3)
      rack
    shotgun (0.9)
      rack (>= 1.0)
    sinatra (1.4.5)
      rack (~> 1.4)
      rack-protection (~> 1.4)
      tilt (~> 1.3, >= 1.3.4)
    slop (3.6.0)
    sunlight (1.1.0)
      json (>= 1.1.3)
      ym4r (>= 0.6.1)
    tilt (1.4.1)
    ym4r (0.6.1)

PLATFORMS
  ruby

DEPENDENCIES
  congress
  pry
  shotgun
  sinatra
  sunlight

BUNDLED WITH
   1.14.4
